GEM
  remote: http://rubygems.org/
  specs:
    diff-lcs (1.1.3)
    fakefs (0.4.0)
    ffi (1.0.11)
    guard (0.8.4)
      thor (~> 0.14.6)
    guard-rspec (0.4.5)
      guard (>= 0.4.0)
    libnotify (0.6.0)
    rb-inotify (0.8.8)
      ffi (>= 0.5.0)
    rspec (2.6.0)
      rspec-core (~> 2.6.0)
      rspec-expectations (~> 2.6.0)
      rspec-mocks (~> 2.6.0)
    rspec-core (2.6.4)
    rspec-expectations (2.6.0)
      diff-lcs (~> 1.1.2)
    rspec-mocks (2.6.0)
    simplecov (0.4.2)
      simplecov-html (~> 0.4.4)
    simplecov-html (0.4.5)
    thor (0.14.6)

PLATFORMS
  ruby

DEPENDENCIES
  fakefs
  guard-rspec
  libnotify
  rb-inotify
  rspec
  simplecov (>= 0.4.0)
